PATH
  remote: .
  specs:
    PolyNotify (0.0.1)
      httparty
      nokogiri

GEM
  remote: https://rubygems.org/
  specs:
    httparty (0.11.0)
      multi_json (~> 1.0)
      multi_xml (>= 0.5.2)
    mini_portile (0.5.2)
    multi_json (1.8.0)
    multi_xml (0.5.5)
    nokogiri (1.6.0)
      mini_portile (~> 0.5.0)
    rake (10.0.4)

PLATFORMS
  ruby

DEPENDENCIES
  PolyNotify!
  bundler (~> 1.3)
  rake
